PATH
  remote: .
  specs:
    ecocash (1.2.0)
      httparty (~> 0.16.2)

GEM
  remote: https://rubygems.org/
  specs:
    httparty (0.16.4)
      mime-types (~> 3.0)
      multi_xml (>= 0.5.2)
    mime-types (3.3.1)
      mime-types-data (~> 3.2015)
    mime-types-data (3.2019.1009)
    minitest (5.11.3)
    multi_xml (0.6.0)
    rake (13.0.1)

PLATFORMS
  ruby

DEPENDENCIES
  bundler (~> 1.16)
  ecocash!
  minitest (~> 5.0)
  rake (~> 13.0)

BUNDLED WITH
   1.17.3
